PATH
  remote: .
  specs:
    truncato (0.7.8)
      htmlentities (~> 4.3.1)
      nokogiri (~> 1.6.1)

GEM
  remote: https://rubygems.org/
  specs:
    ast (2.3.0)
    awesome_print (1.7.0)
    byebug (9.0.6)
    diff-lcs (1.2.5)
    html_truncator (0.3.1)
      nokogiri (~> 1.5)
    htmlentities (4.3.1)
    mini_portile (0.5.2)
    nokogiri (1.6.1)
      mini_portile (~> 0.5.0)
    parser (2.3.1.4)
      ast (~> 2.2)
    peppercorn (0.0.3)
      nokogiri (~> 1.5)
    powerpack (0.1.1)
    rainbow (2.1.0)
    rake (10.1.1)
    rspec (2.14.1)
      rspec-core (~> 2.14.0)
      rspec-expectations (~> 2.14.0)
      rspec-mocks (~> 2.14.0)
    rspec-core (2.14.7)
    rspec-expectations (2.14.5)
      diff-lcs (>= 1.1.3, < 2.0)
    rspec-mocks (2.14.5)
    rubocop (0.44.1)
      parser (>= 2.3.1.1, < 3.0)
      powerpack (~> 0.1)
      rainbow (>= 1.99.1, < 3.0)
      ruby-progressbar (~> 1.7)
      unicode-display_width (~> 1.0, >= 1.0.1)
    ruby-progressbar (1.8.1)
    string-scrub (0.1.1)
    unicode-display_width (1.1.1)

PLATFORMS
  ruby

DEPENDENCIES
  awesome_print
  bundler (~> 1.3)
  byebug
  html_truncator
  peppercorn
  rake (~> 10.1.1)
  rspec (~> 2.14.1)
  rubocop
  string-scrub
  truncato!

BUNDLED WITH
   1.13.5
