PATH
  remote: .
  specs:
    abbreviato (0.10.0)
      htmlentities (~> 4.3.4)
      nokogiri (>= 1.10.8)

GEM
  remote: https://rubygems.org/
  specs:
    ast (2.4.0)
    awesome_print (1.8.0)
    benchmark-malloc (0.1.0)
    benchmark-memory (0.1.2)
      memory_profiler (~> 0.9)
    benchmark-perf (0.5.0)
    benchmark-trend (0.3.0)
    brakecheck (0.2.2)
    brakeman (4.8.1)
    bump (0.8.0)
    bundler-audit (0.6.1)
      bundler (>= 1.2.0, < 3)
      thor (~> 0.18)
    byebug (11.1.1)
    diff-lcs (1.3)
    erubis (2.7.0)
    flay (2.12.1)
      erubis (~> 2.7.0)
      path_expander (~> 1.0)
      ruby_parser (~> 3.0)
      sexp_processor (~> 4.0)
    htmlentities (4.3.4)
    jaro_winkler (1.5.4)
    memory_profiler (0.9.14)
    mini_portile2 (2.5.1)
    nokogiri (1.11.4)
      mini_portile2 (~> 2.5.0)
      racc (~> 1.4)
    parallel (1.19.1)
    parser (2.7.1.0)
      ast (~> 2.4.0)
    path_expander (1.1.0)
    racc (1.5.2)
    rainbow (3.0.0)
    rake (13.0.1)
    rexml (3.2.4)
    rspec (3.5.0)
      rspec-core (~> 3.5.0)
      rspec-expectations (~> 3.5.0)
      rspec-mocks (~> 3.5.0)
    rspec-benchmark (0.5.1)
      benchmark-malloc (~> 0.1.0)
      benchmark-perf (~> 0.5.0)
      benchmark-trend (~> 0.3.0)
      rspec (>= 3.0.0, < 4.0.0)
    rspec-core (3.5.4)
      rspec-support (~> 3.5.0)
    rspec-expectations (3.5.0)
      diff-lcs (>= 1.2.0, < 2.0)
      rspec-support (~> 3.5.0)
    rspec-mocks (3.5.0)
      diff-lcs (>= 1.2.0, < 2.0)
      rspec-support (~> 3.5.0)
    rspec-support (3.5.0)
    rubocop (0.81.0)
      jaro_winkler (~> 1.5.1)
      parallel (~> 1.10)
      parser (>= 2.7.0.1)
      rainbow (>= 2.2.2, < 4.0)
      rexml
      ruby-progressbar (~> 1.7)
      unicode-display_width (>= 1.4.0, < 2.0)
    ruby-progressbar (1.10.1)
    ruby_parser (3.14.1)
      sexp_processor (~> 4.9)
    sexp_processor (4.13.0)
    thor (0.20.3)
    unicode-display_width (1.7.0)
    wwtd (1.4.1)

PLATFORMS
  ruby

DEPENDENCIES
  abbreviato!
  awesome_print
  benchmark-memory
  brakecheck
  brakeman
  bump
  bundler-audit
  byebug
  flay
  rake (~> 13.0.1)
  rspec (~> 3.5.0)
  rspec-benchmark
  rubocop
  wwtd

BUNDLED WITH
   2.1.4
