PATH
  remote: .
  specs:
    abbreviato (0.8.5)
      htmlentities (~> 4.3.4)
      nokogiri (>= 1.8.5)

GEM
  remote: https://rubygems.org/
  specs:
    ast (2.4.0)
    awesome_print (1.7.0)
    benchmark-memory (0.1.1)
      memory_profiler (~> 0.9)
    benchmark-perf (0.2.1)
    brakecheck (0.2.2)
    brakeman (4.3.1)
    bump (0.5.3)
    bundler-audit (0.6.0)
      bundler (~> 1.2)
      thor (~> 0.18)
    byebug (9.0.6)
    diff-lcs (1.2.5)
    erubis (2.7.0)
    flay (2.12.0)
      erubis (~> 2.7.0)
      path_expander (~> 1.0)
      ruby_parser (~> 3.0)
      sexp_processor (~> 4.0)
    htmlentities (4.3.4)
    jaro_winkler (1.5.1)
    jaro_winkler (1.5.1-x86_64-darwin-17)
    memory_profiler (0.9.7)
    mini_portile2 (2.3.0)
    nokogiri (1.8.5)
      mini_portile2 (~> 2.3.0)
    parallel (1.12.1)
    parser (2.5.3.0)
      ast (~> 2.4.0)
    path_expander (1.0.3)
    powerpack (0.1.2)
    rainbow (3.0.0)
    rake (11.3.0)
    rspec (3.5.0)
      rspec-core (~> 3.5.0)
      rspec-expectations (~> 3.5.0)
      rspec-mocks (~> 3.5.0)
    rspec-benchmark (0.2.0)
      benchmark-perf (~> 0.2.0)
      rspec (>= 3.0.0, < 4.0.0)
    rspec-core (3.5.4)
      rspec-support (~> 3.5.0)
    rspec-expectations (3.5.0)
      diff-lcs (>= 1.2.0, < 2.0)
      rspec-support (~> 3.5.0)
    rspec-mocks (3.5.0)
      diff-lcs (>= 1.2.0, < 2.0)
      rspec-support (~> 3.5.0)
    rspec-support (3.5.0)
    rubocop (0.61.0)
      jaro_winkler (~> 1.5.1)
      parallel (~> 1.10)
      parser (>= 2.5, != 2.5.1.1)
      powerpack (~> 0.1)
      rainbow (>= 2.2.2, < 4.0)
      ruby-progressbar (~> 1.7)
      unicode-display_width (~> 1.4.0)
    ruby-progressbar (1.10.0)
    ruby_parser (3.11.0)
      sexp_processor (~> 4.9)
    sexp_processor (4.11.0)
    thor (0.20.0)
    unicode-display_width (1.4.0)
    wwtd (1.3.0)

PLATFORMS
  ruby
  x86_64-darwin-17

DEPENDENCIES
  abbreviato!
  awesome_print
  benchmark-memory
  brakecheck
  brakeman
  bump
  bundler-audit
  byebug
  flay
  rake (~> 11.3.0)
  rspec (~> 3.5.0)
  rspec-benchmark
  rubocop
  wwtd

BUNDLED WITH
   1.16.6
